GEM
  remote: https://rubygems.org/
  specs:
    async (1.23.0)
      console (~> 1.0)
      nio4r (~> 2.3)
      timers (~> 4.1)
    certified (1.0.0)
    console (1.6.0)
    geocoder (1.6.1)
    mail (2.7.1)
      mini_mime (>= 0.1.1)
    mini_mime (1.0.2)
    nio4r (2.5.2)
    pony (1.13.1)
      mail (>= 2.0)
    timers (4.3.0)

PLATFORMS
  ruby
  x86-mingw32

DEPENDENCIES
  async
  certified
  geocoder
  pony (~> 1.13, >= 1.13.1)

BUNDLED WITH
   2.1.0.pre.2
